PATH
  remote: .
  specs:
    zoomify (0.1.2.alpha)

GEM
  remote: https://rubygems.org/
  specs:
    httparty (0.13.7)
      json (~> 1.8)
      multi_xml (>= 0.5.2)
    json (1.8.6)
    jwt (2.1.0)
    multi_xml (0.6.0)
    rake (10.5.0)

PLATFORMS
  ruby

DEPENDENCIES
  bundler (~> 1.16)
  httparty (~> 0.13.7)
  jwt
  rake (~> 10.0)
  zoomify!

BUNDLED WITH
   1.16.1
